GEM
  remote: https://rubygems.org/
  specs:
    backports (3.8.0)
    multi_json (1.12.1)
    pg (0.20.0)
    pg (0.20.0-x64-mingw32)
    rack (1.6.8)
    rack-protection (1.5.3)
      rack
    rack-test (0.6.3)
      rack (>= 1.0)
    rake (12.0.0)
    sequel (4.46.0)
    sinatra (1.4.8)
      rack (~> 1.5)
      rack-protection (~> 1.4)
      tilt (>= 1.3, < 3)
    sinatra-contrib (1.4.7)
      backports (>= 2.0)
      multi_json
      rack-protection
      rack-test
      sinatra (~> 1.4.0)
      tilt (>= 1.3, < 3)
    sqlite3 (1.3.13)
    sqlite3 (1.3.13-x64-mingw32)
    tilt (2.0.7)

PLATFORMS
  ruby
  x64-mingw32

DEPENDENCIES
  pg
  rack (~> 1.6, >= 1.6.5)
  rake (~> 12.0)
  sequel (~> 4.46)
  sinatra (~> 1.4, >= 1.4.8)
  sinatra-contrib (~> 1.4, >= 1.4.7)
  sqlite3 (~> 1.3, >= 1.3.13)

BUNDLED WITH
   1.15.0
